GIT
  remote: git://github.com/malavbhavsar/sentimentalizer.git
  revision: 3c46c482056bae89738494e3a03ce623a71df013
  specs:
    sentimentalizer (0.2.2)

GEM
  remote: https://rubygems.org/
  specs:
    actionmailer (4.2.0)
      actionpack (= 4.2.0)
      actionview (= 4.2.0)
      activejob (= 4.2.0)
      mail (~> 2.5, >= 2.5.4)
      rails-dom-testing (~> 1.0, >= 1.0.5)
    actionpack (4.2.0)
      actionview (= 4.2.0)
      activesupport (= 4.2.0)
      rack (~> 1.6.0)
      rack-test (~> 0.6.2)
      rails-dom-testing (~> 1.0, >= 1.0.5)
      rails-html-sanitizer (~> 1.0, >= 1.0.1)
    actionview (4.2.0)
      activesupport (= 4.2.0)
      builder (~> 3.1)
      erubis (~> 2.7.0)
      rails-dom-testing (~> 1.0, >= 1.0.5)
      rails-html-sanitizer (~> 1.0, >= 1.0.1)
    activejob (4.2.0)
      activesupport (= 4.2.0)
      globalid (>= 0.3.0)
    activemodel (4.2.0)
      activesupport (= 4.2.0)
      builder (~> 3.1)
    activerecord (4.2.0)
      activemodel (= 4.2.0)
      activesupport (= 4.2.0)
      arel (~> 6.0)
    activesupport (4.2.0)
      i18n (~> 0.7)
      json (~> 1.7, >= 1.7.7)
      minitest (~> 5.1)
      thread_safe (~> 0.3, >= 0.3.4)
      tzinfo (~> 1.1)
    addressable (2.3.6)
    arel (6.0.0)
    better_errors (2.1.0)
      coderay (>= 1.0.0)
      erubis (>= 2.6.6)
      rack (>= 0.9.0)
    binding_of_caller (0.7.2)
      debug_inspector (>= 0.0.1)
    builder (3.2.2)
    byebug (3.5.1)
      columnize (~> 0.8)
      debugger-linecache (~> 1.2)
      slop (~> 3.6)
    capybara (2.4.4)
      mime-types (>= 1.16)
      nokogiri (>= 1.3.3)
      rack (>= 1.0.0)
      rack-test (>= 0.5.4)
      xpath (~> 2.0)
    capybara-screenshot (1.0.4)
      capybara (>= 1.0, < 3)
      colored
      launchy
    capybara-webkit (1.4.1)
      capybara (>= 2.3.0, < 2.5.0)
      json
    coderay (1.1.0)
    coffee-rails (4.1.0)
      coffee-script (>= 2.2.0)
      railties (>= 4.0.0, < 5.0)
    coffee-script (2.3.0)
      coffee-script-source
      execjs
    coffee-script-source (1.8.0)
    colored (1.2)
    columnize (0.9.0)
    crack (0.4.2)
      safe_yaml (~> 1.0.0)
    d3-rails (3.5.2)
      railties (>= 3.1)
    debug_inspector (0.0.2)
    debugger-linecache (1.2.0)
    docile (1.1.5)
    erubis (2.7.0)
    execjs (2.2.2)
    faraday (0.9.1)
      multipart-post (>= 1.2, < 3)
    figaro (1.0.0)
      thor (~> 0.14)
    font-awesome-rails (4.2.0.0)
      railties (>= 3.2, < 5.0)
    globalid (0.3.0)
      activesupport (>= 4.1.0)
    hashie (3.3.2)
    hike (1.2.3)
    i18n (0.7.0)
    jbuilder (2.2.6)
      activesupport (>= 3.0.0, < 5)
      multi_json (~> 1.2)
    jquery-easing-rails (0.0.2)
      railties (>= 3.1.0)
    jquery-rails (4.0.3)
      rails-dom-testing (~> 1.0)
      railties (>= 4.2.0)
      thor (>= 0.14, < 2.0)
    jquery-turbolinks (2.1.0)
      railties (>= 3.1.0)
      turbolinks
    json (1.8.1)
    jwt (1.2.0)
    launchy (2.4.3)
      addressable (~> 2.3)
    loofah (2.0.1)
      nokogiri (>= 1.5.9)
    mail (2.6.3)
      mime-types (>= 1.16, < 3)
    method_source (0.8.2)
    mime-types (2.4.3)
    mini_portile (0.6.2)
    minispec-metadata (2.0.0)
      minitest
    minitest (5.5.0)
    minitest-capybara (0.7.1)
      capybara (~> 2.2)
      minitest (~> 5.0)
      rake
    minitest-metadata (0.5.3)
      minitest (>= 4.7, < 6.0)
    minitest-rails (2.1.1)
      minitest (~> 5.4)
      railties (~> 4.1)
    minitest-rails-capybara (2.1.1)
      capybara (~> 2.0)
      minitest-capybara (~> 0.7.0)
      minitest-metadata (~> 0.5.0)
      minitest-rails (~> 2.1)
    minitest-vcr (1.2.2)
      minispec-metadata (~> 2.0)
      minitest (>= 4.7.5)
      vcr (~> 2.9)
    multi_json (1.10.1)
    multi_xml (0.5.5)
    multipart-post (2.0.0)
    nokogiri (1.6.5)
      mini_portile (~> 0.6.0)
    oauth2 (1.0.0)
      faraday (>= 0.8, < 0.10)
      jwt (~> 1.0)
      multi_json (~> 1.3)
      multi_xml (~> 0.5)
      rack (~> 1.2)
    omniauth (1.2.2)
      hashie (>= 1.2, < 4)
      rack (~> 1.0)
    omniauth-github (1.1.2)
      omniauth (~> 1.0)
      omniauth-oauth2 (~> 1.1)
    omniauth-oauth2 (1.2.0)
      faraday (>= 0.8, < 0.10)
      multi_json (~> 1.3)
      oauth2 (~> 1.0)
      omniauth (~> 1.2)
    pg (0.18.1)
    pry (0.10.1)
      coderay (~> 1.1.0)
      method_source (~> 0.8.1)
      slop (~> 3.4)
    pry-byebug (2.0.0)
      byebug (~> 3.4)
      pry (~> 0.10)
    pry-rails (0.3.2)
      pry (>= 0.9.10)
    puma (2.10.2)
      rack (>= 1.1, < 2.0)
    quiet_assets (1.1.0)
      railties (>= 3.1, < 5.0)
    rack (1.6.0)
    rack-test (0.6.2)
      rack (>= 1.0)
    rails (4.2.0)
      actionmailer (= 4.2.0)
      actionpack (= 4.2.0)
      actionview (= 4.2.0)
      activejob (= 4.2.0)
      activemodel (= 4.2.0)
      activerecord (= 4.2.0)
      activesupport (= 4.2.0)
      bundler (>= 1.3.0, < 2.0)
      railties (= 4.2.0)
      sprockets-rails
    rails-deprecated_sanitizer (1.0.3)
      activesupport (>= 4.2.0.alpha)
    rails-dom-testing (1.0.5)
      activesupport (>= 4.2.0.beta, < 5.0)
      nokogiri (~> 1.6.0)
      rails-deprecated_sanitizer (>= 1.0.1)
    rails-html-sanitizer (1.0.1)
      loofah (~> 2.0)
    rails_12factor (0.0.3)
      rails_serve_static_assets
      rails_stdout_logging
    rails_serve_static_assets (0.0.3)
    rails_stdout_logging (0.0.3)
    railties (4.2.0)
      actionpack (= 4.2.0)
      activesupport (= 4.2.0)
      rake (>= 0.8.7)
      thor (>= 0.18.1, < 2.0)
    rake (10.4.2)
    rdoc (4.2.0)
      json (~> 1.4)
    safe_yaml (1.0.4)
    sass (3.4.9)
    sass-rails (5.0.1)
      railties (>= 4.0.0, < 5.0)
      sass (~> 3.1)
      sprockets (>= 2.8, < 4.0)
      sprockets-rails (>= 2.0, < 4.0)
      tilt (~> 1.1)
    sdoc (0.4.1)
      json (~> 1.7, >= 1.7.7)
      rdoc (~> 4.0)
    simplecov (0.9.1)
      docile (~> 1.1.0)
      multi_json (~> 1.0)
      simplecov-html (~> 0.8.0)
    simplecov-html (0.8.0)
    skylight (0.6.0)
      activesupport (>= 3.0.0)
    slop (3.6.0)
    spring (1.2.0)
    sprockets (2.12.3)
      hike (~> 1.2)
      multi_json (~> 1.0)
      rack (~> 1.0)
      tilt (~> 1.1, != 1.3.0)
    sprockets-rails (2.2.2)
      actionpack (>= 3.0)
      activesupport (>= 3.0)
      sprockets (>= 2.8, < 4.0)
    thor (0.19.1)
    thread_safe (0.3.4)
    tilt (1.4.1)
    turbolinks (2.5.3)
      coffee-rails
    tzinfo (1.2.2)
      thread_safe (~> 0.1)
    uglifier (2.7.0)
      execjs (>= 0.3.0)
      json (>= 1.8.0)
    vcr (2.9.3)
    web-console (2.0.0)
      activemodel (~> 4.0)
      binding_of_caller (>= 0.7.2)
      railties (~> 4.0)
      sprockets-rails (>= 2.0, < 4.0)
    webmock (1.20.4)
      addressable (>= 2.3.6)
      crack (>= 0.3.2)
    xpath (2.0.0)
      nokogiri (~> 1.3)

PLATFORMS
  ruby

DEPENDENCIES
  better_errors
  binding_of_caller
  capybara-screenshot
  capybara-webkit
  coffee-rails (~> 4.1.0)
  d3-rails
  faraday
  figaro
  font-awesome-rails
  jbuilder (~> 2.0)
  jquery-easing-rails
  jquery-rails
  jquery-turbolinks
  minitest-rails-capybara
  minitest-vcr
  omniauth-github
  pg
  pry-byebug
  pry-rails
  puma
  quiet_assets
  rails (= 4.2.0)
  rails_12factor
  sass-rails (~> 5.0)
  sdoc (~> 0.4.0)
  sentimentalizer!
  simplecov
  skylight
  spring
  turbolinks
  uglifier (>= 1.3.0)
  vcr
  web-console (~> 2.0)
  webmock
